PATH
  remote: .
  specs:
    gemrat (0.1.2)
      colored (= 1.2)
      pry (= 0.9.12.2)
      rspec (= 2.13.0)

GEM
  remote: https://rubygems.org/
  specs:
    coderay (1.0.9)
    colored (1.2)
    diff-lcs (1.2.4)
    method_source (0.8.1)
    pry (0.9.12.2)
      coderay (~> 1.0.5)
      method_source (~> 0.8)
      slop (~> 3.4)
    rake (10.0.4)
    rspec (2.13.0)
      rspec-core (~> 2.13.0)
      rspec-expectations (~> 2.13.0)
      rspec-mocks (~> 2.13.0)
    rspec-core (2.13.1)
    rspec-expectations (2.13.0)
      diff-lcs (>= 1.1.3, < 2.0)
    rspec-mocks (2.13.1)
    slop (3.4.5)

PLATFORMS
  ruby

DEPENDENCIES
  bundler (~> 1.3)
  colored (= 1.2)
  gemrat!
  pry (= 0.9.12.2)
  rake
  rspec (= 2.13.0)
